PATH
  remote: .
  specs:
    makeup (0.3.0)
      github-markup (~> 0.7)
      htmlentities (~> 4.3)
      rouge (~> 0.3)

GEM
  remote: http://rubygems.org/
  specs:
    github-markup (0.7.5)
    htmlentities (4.3.1)
    minitest (2.12.1)
    rake (0.9.2.2)
    redcarpet (2.2.0)
    rouge (0.3.6)
      thor
    thor (0.18.1)

PLATFORMS
  ruby

DEPENDENCIES
  makeup!
  minitest (~> 2.0)
  rake (~> 0.9)
  redcarpet (= 2.2.0)
