PATH
  remote: .
  specs:
    makeup (0.4.1)
      github-linguist (~> 2.8)
      github-markup (~> 0.7)
      htmlentities (~> 4.3)
      loofah (~> 1.2)
      pygments.rb (~> 0.4)

GEM
  remote: http://rubygems.org/
  specs:
    builder (3.2.2)
    charlock_holmes (0.6.9.4)
    ci_reporter (1.9.0)
      builder (>= 2.1.2)
    escape_utils (1.0.0)
    github-linguist (2.10.7)
      charlock_holmes (~> 0.6.6)
      escape_utils (>= 0.3.1)
      mime-types (~> 1.19)
      pygments.rb (~> 0.5.4)
    github-markup (0.7.5)
    htmlentities (4.3.1)
    loofah (1.2.1)
      nokogiri (>= 1.4.4)
    mime-types (1.25.1)
    mini_portile (0.5.2)
    minitest (2.12.1)
    multi_json (1.7.7)
    nokogiri (1.6.1)
      mini_portile (~> 0.5.0)
    posix-spawn (0.3.8)
    pygments.rb (0.5.4)
      posix-spawn (~> 0.3.6)
      yajl-ruby (~> 1.1.0)
    rake (0.9.2.2)
    rcov (1.0.0)
    redcarpet (2.2.0)
    simplecov (0.7.1)
      multi_json (~> 1.0)
      simplecov-html (~> 0.7.1)
    simplecov-html (0.7.1)
    yajl-ruby (1.1.0)

PLATFORMS
  ruby

DEPENDENCIES
  ci_reporter
  makeup!
  minitest (~> 2.0)
  rake (~> 0.9)
  rcov
  redcarpet (= 2.2.0)
  simplecov
